GEM
  remote: https://rubygems.org/
  specs:
    actionmailer (4.0.0)
      actionpack (= 4.0.0)
      mail (~> 2.5.3)
    actionpack (4.0.0)
      activesupport (= 4.0.0)
      builder (~> 3.1.0)
      erubis (~> 2.7.0)
      rack (~> 1.5.2)
      rack-test (~> 0.6.2)
    activemodel (4.0.0)
      activesupport (= 4.0.0)
      builder (~> 3.1.0)
    activerecord (4.0.0)
      activemodel (= 4.0.0)
      activerecord-deprecated_finders (~> 1.0.2)
      activesupport (= 4.0.0)
      arel (~> 4.0.0)
    activerecord-deprecated_finders (1.0.3)
    activesupport (4.0.0)
      i18n (~> 0.6, >= 0.6.4)
      minitest (~> 4.2)
      multi_json (~> 1.3)
      thread_safe (~> 0.1)
      tzinfo (~> 0.3.37)
    arel (4.0.0)
    atomic (1.1.14)
    awesome_print (1.1.0)
    bcrypt-ruby (3.1.2)
    better_errors (0.9.0)
      coderay (>= 1.0.0)
      erubis (>= 2.6.6)
    binding_of_caller (0.7.2)
      debug_inspector (>= 0.0.1)
    bourbon (3.1.8)
      sass (>= 3.2.0)
      thor
    builder (3.1.4)
    callsite (0.0.11)
    coderay (1.0.9)
    coffee-rails (4.0.0)
      coffee-script (>= 2.2.0)
      railties (>= 4.0.0.beta, < 5.0)
    coffee-script (2.2.0)
      coffee-script-source
      execjs
    coffee-script-source (1.6.3)
    columnize (0.3.6)
    debug_inspector (0.0.2)
    debugger (1.2.3)
      columnize (>= 0.3.1)
      debugger-linecache (~> 1.1.1)
      debugger-ruby_core_source (~> 1.1.5)
    debugger-linecache (1.1.2)
      debugger-ruby_core_source (>= 1.1.1)
    debugger-ruby_core_source (1.1.6)
    devise (3.1.0)
      bcrypt-ruby (~> 3.0)
      orm_adapter (~> 0.1)
      railties (>= 3.2.6, < 5)
      thread_safe (~> 0.1)
      warden (~> 1.2.3)
    em-websocket (0.5.0)
      eventmachine (>= 0.12.9)
      http_parser.rb (~> 0.5.3)
    erubis (2.7.0)
    eventmachine (1.0.3)
    execjs (2.0.1)
    ffi (1.9.0)
    flay (2.4.0)
      ruby_parser (~> 3.0)
      sexp_processor (~> 4.0)
    formatador (0.2.4)
    guard (1.8.2)
      formatador (>= 0.2.4)
      listen (>= 1.0.0)
      lumberjack (>= 1.0.2)
      pry (>= 0.9.10)
      thor (>= 0.14.6)
    guard-livereload (1.4.0)
      em-websocket (>= 0.5.0)
      guard (>= 1.8.0)
      multi_json (~> 1.7)
    high_voltage (1.2.4)
    hike (1.2.3)
    hirb (0.7.1)
    http_parser.rb (0.5.3)
    i18n (0.6.5)
    jbuilder (1.5.1)
      activesupport (>= 3.0.0)
      multi_json (>= 1.2.0)
    jquery-rails (3.0.4)
      railties (>= 3.0, < 5.0)
      thor (>= 0.14, < 2.0)
    json (1.8.0)
    listen (1.2.2)
      rb-fsevent (>= 0.9.3)
      rb-inotify (>= 0.9)
      rb-kqueue (>= 0.2)
    localtunnel (0.3)
      json (>= 1.2.4)
      net-ssh (>= 2.0.22)
      net-ssh-gateway (>= 1.0.1)
    lol_dba (1.6.0)
      actionpack (>= 3.0)
      activerecord (>= 3.0)
      railties (>= 3.0)
    lumberjack (1.0.4)
    mail (2.5.4)
      mime-types (~> 1.16)
      treetop (~> 1.4.8)
    meta_request (0.2.7)
      callsite
      rack-contrib
      railties
    method_source (0.8.2)
    mime-types (1.25)
    minitest (4.7.5)
    multi_json (1.8.0)
    net-ssh (2.6.8)
    net-ssh-gateway (1.2.0)
      net-ssh (>= 2.6.5)
    orm_adapter (0.4.0)
    pg (0.16.0)
    polyglot (0.3.3)
    pry (0.9.12.2)
      coderay (~> 1.0.5)
      method_source (~> 0.8)
      slop (~> 3.4)
    quiet_assets (1.0.2)
      railties (>= 3.1, < 5.0)
    rack (1.5.2)
    rack-contrib (1.1.0)
      rack (>= 0.9.1)
    rack-livereload (0.3.15)
      rack
    rack-mini-profiler (0.1.28)
      rack (>= 1.1.3)
    rack-test (0.6.2)
      rack (>= 1.0)
    rails (4.0.0)
      actionmailer (= 4.0.0)
      actionpack (= 4.0.0)
      activerecord (= 4.0.0)
      activesupport (= 4.0.0)
      bundler (>= 1.3.0, < 2.0)
      railties (= 4.0.0)
      sprockets-rails (~> 2.0.0)
    rails_12factor (0.0.2)
      rails_serve_static_assets
      rails_stdout_logging
    rails_serve_static_assets (0.0.1)
    rails_stdout_logging (0.0.1)
    railties (4.0.0)
      actionpack (= 4.0.0)
      activesupport (= 4.0.0)
      rake (>= 0.8.7)
      thor (>= 0.18.1, < 2.0)
    rake (10.1.0)
    rb-fsevent (0.9.3)
    rb-inotify (0.9.0)
      ffi (>= 0.5.0)
    rb-kqueue (0.2.0)
      ffi (>= 0.5.0)
    rdoc (3.12.2)
      json (~> 1.4)
    request-log-analyzer (1.12.9)
    ruby_parser (3.2.2)
      sexp_processor (~> 4.1)
    sass (3.2.10)
    sass-rails (4.0.0)
      railties (>= 4.0.0.beta, < 5.0)
      sass (>= 3.1.10)
      sprockets-rails (~> 2.0.0)
    sdoc (0.3.20)
      json (>= 1.1.3)
      rdoc (~> 3.10)
    sexp_processor (4.2.1)
    simple_form (3.0.0.rc)
      actionpack (>= 4.0.0.rc1, < 4.1)
      activemodel (>= 4.0.0.rc1, < 4.1)
    slop (3.4.6)
    sprockets (2.10.0)
      hike (~> 1.2)
      multi_json (~> 1.0)
      rack (~> 1.0)
      tilt (~> 1.1, != 1.3.0)
    sprockets-rails (2.0.0)
      actionpack (>= 3.0)
      activesupport (>= 3.0)
      sprockets (~> 2.8)
    sqlite3 (1.3.8)
    thor (0.18.1)
    thread_safe (0.1.3)
      atomic
    tilt (1.4.1)
    treetop (1.4.15)
      polyglot
      polyglot (>= 0.3.1)
    turbolinks (1.3.0)
      coffee-rails
    tzinfo (0.3.37)
    uglifier (2.2.1)
      execjs (>= 0.3.0)
      multi_json (~> 1.0, >= 1.0.2)
    warden (1.2.3)
      rack (>= 1.0)
    zurb-foundation (4.0.9)
      sass (>= 3.2.0)

PLATFORMS
  ruby

DEPENDENCIES
  awesome_print
  better_errors
  binding_of_caller
  bourbon
  coffee-rails (~> 4.0.0)
  debugger
  devise (>= 3.1)
  flay
  guard
  guard-livereload
  high_voltage
  hirb
  jbuilder (~> 1.2)
  jquery-rails
  localtunnel
  lol_dba
  meta_request
  pg
  quiet_assets
  rack-livereload
  rack-mini-profiler
  rails (= 4.0.0)
  rails_12factor
  rails_serve_static_assets
  request-log-analyzer
  sass-rails (~> 4.0.0)
  sdoc
  simple_form
  sqlite3
  turbolinks
  uglifier (>= 1.3.0)
  zurb-foundation
